GEM
  remote: http://rubygems.org/
  specs:
    gnuplot (2.6.0)

PLATFORMS
  x86-mingw32

DEPENDENCIES
  gnuplot
